GEM
  remote: https://rubygems.org/
  specs:
    concurrent-ruby (1.2.2)
    power_assert (2.0.3)
    rake (13.0.6)
    test-unit (3.6.1)
      power_assert
    test-unit-ruby-core (1.0.1)

PLATFORMS
  arm64-darwin-21

DEPENDENCIES
  bundler
  concurrent-ruby
  rake
  test-unit
  test-unit-ruby-core

BUNDLED WITH
   2.4.10
