GEM
  remote: https://rubygems.org/
  specs:
    benchmark-ips (2.12.0)
    coderay (1.1.3)
    concurrent-ruby (1.2.2)
    method_source (1.0.0)
    power_assert (2.0.3)
    pry (0.14.2)
      coderay (~> 1.1)
      method_source (~> 1.0)
    rake (13.0.6)
    test-unit (3.6.1)
      power_assert
    test-unit-ruby-core (1.0.1)

PLATFORMS
  arm64-darwin-21

DEPENDENCIES
  benchmark-ips
  bundler
  concurrent-ruby
  pry
  rake
  test-unit
  test-unit-ruby-core

BUNDLED WITH
   2.4.10
